NUGET
  remote: https://www.nuget.org/api/v2
  specs:
    FAKE (4.23.4)
    FsCheck (2.2.5)
      FSharp.Core (>= 3.1.2.5)
    FsCheck.Nunit (2.2.5)
      FsCheck (>= 2.2.5)
      NUnit (>= 2.6.4 < 2.7)
      NUnit.Runners (>= 2.6.4 < 2.7)
    FSharp.Core (3.1.2.5)
    NUnit (2.6.4)
    NUnit.Runners (2.6.4)
    NUnitTestAdapter (2.0)
