NUGET
  remote: https://www.nuget.org/api/v2
  specs:
    FAKE (4.24)

GROUP Test
NUGET
  remote: https://www.nuget.org/api/v2
  specs:
    FsCheck (2.2.5)
      FSharp.Core (>= 3.1.2.5)
    FsCheck.Nunit (2.2.5)
      FsCheck (>= 2.2.5)
      NUnit (>= 2.6.4 < 2.7)
      NUnit.Runners (>= 2.6.4 < 2.7)
    FSharp.Core (3.1.2.5) - redirects: force
    FsUnit (1.4.1)
      FSharp.Core (>= 3.1.2.5)
      NUnit (2.6.4)
    NUnit (2.6.4)
    NUnit.Runners (2.6.4)
    NUnitTestAdapter (2.0)

GROUP WebSite
NUGET
  remote: https://www.nuget.org/api/v2
  specs:
    FSharp.Core (4.0.0.1) - redirects: force
    Microsoft.CodeDom.Providers.DotNetCompilerPlatform (1.0.1)
      Microsoft.Net.Compilers (>= 1.0)
    Microsoft.Net.Compilers (1.2.1)
    Glimpse (1.8.6)
    Glimpse.AspNet (1.9.2)
      Glimpse (>= 1.8.6)
    Glimpse.WebForms (1.1.1)
      Glimpse.AspNet (>= 1.9.1)
